GEM
  remote: https://rubygems.org/
  specs:
    CFPropertyList (2.2.8)
    addressable (2.7.0)
      public_suffix (>= 2.0.2, < 5.0)
    ansi (1.5.0)
    ast (2.4.1)
    aws-eventstream (1.1.0)
    aws-partitions (1.414.0)
    aws-sdk-core (3.110.0)
      aws-eventstream (~> 1, >= 1.0.2)
      aws-partitions (~> 1, >= 1.239.0)
      aws-sigv4 (~> 1.1)
      jmespath (~> 1.0)
    aws-sdk-ec2 (1.220.0)
      aws-sdk-core (~> 3, >= 3.109.0)
      aws-sigv4 (~> 1.1)
    aws-sigv4 (1.2.2)
      aws-eventstream (~> 1, >= 1.0.2)
    beaker (3.37.0)
      beaker-abs (~> 0.4)
      beaker-aws (~> 0.1)
      beaker-docker (~> 0.1)
      beaker-google (~> 0.1)
      beaker-hiera (~> 0.0)
      beaker-hostgenerator
      beaker-openstack (~> 0.1)
      beaker-puppet (~> 0.0)
      beaker-vagrant (~> 0.1)
      beaker-vcloud (~> 0.1)
      beaker-vmpooler (~> 1.0)
      beaker-vmware (~> 0.1)
      hocon (~> 1.0)
      in-parallel (~> 0.1)
      inifile (~> 3.0)
      minitar (~> 0.6)
      minitest (~> 5.4)
      net-scp (~> 1.2)
      net-ssh (~> 4.0)
      open_uri_redirections (~> 0.2.1)
      pry-byebug (~> 3.4.2)
      rb-readline (~> 0.5.3)
      rsync (~> 1.0.9)
      stringify-hash (~> 0.0)
      thor (~> 0.19)
    beaker-abs (0.5.0)
    beaker-aws (0.9.0)
      aws-partitions (~> 1.91)
      aws-sdk-ec2 (~> 1.35)
      stringify-hash (~> 0.0.0)
    beaker-docker (0.7.1)
      docker-api (< 2.0.0)
      stringify-hash (~> 0.0.0)
    beaker-google (0.2.1)
      google-api-client (~> 0.8)
      stringify-hash (~> 0.0.0)
    beaker-hiera (0.2.0)
      stringify-hash (~> 0.0.0)
    beaker-hostgenerator (1.2.10)
      deep_merge (~> 1.0)
      stringify-hash (~> 0.0.0)
    beaker-openstack (0.3.0)
      fog-openstack (~> 1.0.0)
      stringify-hash (~> 0.0.0)
    beaker-puppet (0.17.1)
      in-parallel (~> 0.1)
      oga
      stringify-hash (~> 0.0.0)
    beaker-rspec (6.0.0)
      beaker (~> 3.0)
      rspec
      serverspec (~> 2)
      specinfra (~> 2)
    beaker-vagrant (0.6.6)
      stringify-hash (~> 0.0.0)
    beaker-vcloud (0.4.0)
      beaker-vmpooler
      beaker-vmware
      rbvmomi (~> 1.9)
      stringify-hash (~> 0.0.0)
    beaker-vmpooler (1.3.3)
      stringify-hash (~> 0.0.0)
    beaker-vmware (0.3.0)
      fission (~> 0.4)
      rbvmomi (~> 1.9)
      stringify-hash (~> 0.0.0)
    builder (3.2.4)
    byebug (9.0.6)
    coderay (1.1.3)
    declarative (0.0.20)
    declarative-option (0.1.0)
    deep_merge (1.2.1)
    diff-lcs (1.2.5)
    docker-api (1.34.2)
      excon (>= 0.47.0)
      multi_json
    excon (0.78.1)
    facter (2.4.6)
      CFPropertyList (~> 2.2.6)
    faraday (1.3.0)
      faraday-net_http (~> 1.0)
      multipart-post (>= 1.2, < 3)
      ruby2_keywords
    faraday-net_http (1.0.0)
    fission (0.5.0)
      CFPropertyList (~> 2.2)
    fog-core (2.2.3)
      builder
      excon (~> 0.71)
      formatador (~> 0.2)
      mime-types
    fog-json (1.2.0)
      fog-core
      multi_json (~> 1.10)
    fog-openstack (1.0.11)
      fog-core (~> 2.1)
      fog-json (>= 1.0)
      ipaddress (>= 0.8)
    formatador (0.2.5)
    google-api-client (0.52.0)
      addressable (~> 2.5, >= 2.5.1)
      googleauth (~> 0.9)
      httpclient (>= 2.8.1, < 3.0)
      mini_mime (~> 1.0)
      representable (~> 3.0)
      retriable (>= 2.0, < 4.0)
      rexml
      signet (~> 0.12)
    googleauth (0.14.0)
      faraday (>= 0.17.3, < 2.0)
      jwt (>= 1.4, < 3.0)
      memoist (~> 0.16)
      multi_json (~> 1.11)
      os (>= 0.9, < 2.0)
      signet (~> 0.14)
    hiera (3.2.2)
    hocon (1.3.1)
    httpclient (2.8.3)
    in-parallel (0.1.17)
    inifile (3.0.0)
    ipaddress (0.8.3)
    jmespath (1.4.0)
    json (2.5.1)
    json_pure (1.8.3)
    jwt (2.2.2)
    memoist (0.16.2)
    metaclass (0.0.4)
    method_source (1.0.0)
    mime-types (3.3.1)
      mime-types-data (~> 3.2015)
    mime-types-data (3.2020.1104)
    mini_mime (1.0.2)
    mini_portile2 (2.5.0)
    minitar (0.9)
    minitest (5.14.3)
    mocha (1.2.1)
      metaclass (~> 0.0.1)
    multi_json (1.15.0)
    multipart-post (2.1.1)
    net-scp (1.2.1)
      net-ssh (>= 2.6.5)
    net-ssh (4.2.0)
    net-telnet (0.1.1)
    nokogiri (1.11.1)
      mini_portile2 (~> 2.5.0)
      racc (~> 1.4)
    oga (3.3)
      ast
      ruby-ll (~> 2.1)
    open_uri_redirections (0.2.1)
    os (1.1.1)
    pry (0.13.1)
      coderay (~> 1.1)
      method_source (~> 1.0)
    pry-byebug (3.4.3)
      byebug (>= 9.0, < 9.1)
      pry (~> 0.10)
    public_suffix (4.0.6)
    puppet (4.8.1)
      CFPropertyList (~> 2.2.6)
      facter (> 2.0, < 4)
      hiera (>= 2.0, < 4)
      json_pure (~> 1.8)
    puppet-lint (2.0.2)
    puppet-syntax (2.1.1)
      rake
    puppetlabs_spec_helper (1.2.2)
      mocha (~> 1.0)
      puppet-lint (~> 2.0)
      puppet-syntax (~> 2.0)
      rspec-puppet (~> 2.0)
    racc (1.5.2)
    rake (11.3.0)
    rb-readline (0.5.5)
    rbvmomi (1.13.0)
      builder (~> 3.0)
      json (>= 1.8)
      nokogiri (~> 1.5)
      trollop (~> 2.1)
    representable (3.0.4)
      declarative (< 0.1.0)
      declarative-option (< 0.2.0)
      uber (< 0.2.0)
    retriable (3.1.2)
    rexml (3.2.4)
    rspec (3.5.0)
      rspec-core (~> 3.5.0)
      rspec-expectations (~> 3.5.0)
      rspec-mocks (~> 3.5.0)
    rspec-core (3.5.4)
      rspec-support (~> 3.5.0)
    rspec-expectations (3.5.0)
      diff-lcs (>= 1.2.0, < 2.0)
      rspec-support (~> 3.5.0)
    rspec-its (1.2.0)
      rspec-core (>= 3.0.0)
      rspec-expectations (>= 3.0.0)
    rspec-mocks (3.5.0)
      diff-lcs (>= 1.2.0, < 2.0)
      rspec-support (~> 3.5.0)
    rspec-puppet (2.5.0)
      rspec
    rspec-support (3.5.0)
    rsync (1.0.9)
    ruby-ll (2.1.2)
      ansi
      ast
    ruby2_keywords (0.0.2)
    serverspec (2.37.2)
      multi_json
      rspec (~> 3.0)
      rspec-its
      specinfra (~> 2.53)
    sfl (2.3)
    signet (0.14.0)
      addressable (~> 2.3)
      faraday (>= 0.17.3, < 2.0)
      jwt (>= 1.5, < 3.0)
      multi_json (~> 1.10)
    specinfra (2.82.22)
      net-scp
      net-ssh (>= 2.7)
      net-telnet (= 0.1.1)
      sfl
    stringify-hash (0.0.2)
    thor (0.20.3)
    trollop (2.9.10)
    uber (0.1.0)

PLATFORMS
  ruby

DEPENDENCIES
  beaker-rspec
  puppet (>= 4.2.1)
  puppetlabs_spec_helper
  serverspec

BUNDLED WITH
   1.13.6
